GEM
  remote: http://rubygems.org/
  specs:
    activemodel (3.1.1)
      activesupport (= 3.1.1)
      builder (~> 3.0.0)
      i18n (~> 0.6)
    activerecord (3.1.1)
      activemodel (= 3.1.1)
      activesupport (= 3.1.1)
      arel (~> 2.2.1)
      tzinfo (~> 0.3.29)
    activesupport (3.1.1)
      multi_json (~> 1.0)
    arel (2.2.1)
    bcrypt-ruby (2.1.4)
    builder (3.0.0)
    carrierwave (0.5.7)
      activesupport (~> 3.0)
    diff-lcs (1.1.3)
    grit (2.4.1)
      diff-lcs (~> 1.1)
      mime-types (~> 1.15)
    haml (3.1.3)
    http_router (0.10.2)
      rack (>= 1.0.0)
      url_mount (~> 0.2.1)
    i18n (0.6.0)
    mail (2.3.0)
      i18n (>= 0.4.0)
      mime-types (~> 1.16)
      treetop (~> 1.4.8)
    mime-types (1.17.1)
    mini_magick (3.3)
      subexec (~> 0.1.0)
    multi_json (1.0.3)
    padrino (0.10.5)
      padrino-admin (= 0.10.5)
      padrino-cache (= 0.10.5)
      padrino-core (= 0.10.5)
      padrino-gen (= 0.10.5)
      padrino-helpers (= 0.10.5)
      padrino-mailer (= 0.10.5)
    padrino-admin (0.10.5)
      padrino-core (= 0.10.5)
      padrino-helpers (= 0.10.5)
    padrino-cache (0.10.5)
      padrino-core (= 0.10.5)
    padrino-core (0.10.5)
      activesupport (~> 3.1.0)
      http_router (~> 0.10.2)
      sinatra (~> 1.3.1)
      thor (~> 0.14.3)
      tilt (~> 1.3.0)
    padrino-gen (0.10.5)
      bundler (~> 1.0)
      grit (~> 2.4.1)
      padrino-core (= 0.10.5)
    padrino-helpers (0.10.5)
      i18n (~> 0.6)
      padrino-core (= 0.10.5)
    padrino-mailer (0.10.5)
      mail (~> 2.3.0)
      padrino-core (= 0.10.5)
    polyglot (0.3.2)
    rack (1.3.5)
    rack-protection (1.1.4)
      rack
    rake (0.9.2.2)
    sinatra (1.3.1)
      rack (~> 1.3, >= 1.3.4)
      rack-protection (~> 1.1, >= 1.1.2)
      tilt (~> 1.3, >= 1.3.3)
    sinatra-flash (0.3.0)
      sinatra (>= 1.0.0)
    sqlite3 (1.3.4)
    subexec (0.1.0)
    thor (0.14.6)
    tilt (1.3.3)
    treetop (1.4.10)
      polyglot
      polyglot (>= 0.3.1)
    tzinfo (0.3.30)
    url_mount (0.2.1)
      rack

PLATFORMS
  ruby

DEPENDENCIES
  activerecord
  bcrypt-ruby
  carrierwave
  haml
  mini_magick
  padrino (= 0.10.5)
  rake
  sinatra-flash
  sqlite3
